GIT
  remote: git://github.com/KieranLafferty/devise-neo4j.git
  revision: e05e5dd01a78680db8f08620e1eee698a2127f2a
  specs:
    devise-neo4j (1.0.4-java)
      bcrypt-ruby
      devise
      neo4j
      orm_adapter
      railties
      warden

GIT
  remote: git://github.com/andreasronge/neo4j.git
  revision: 03da93272b61b502b15dfb4bd79dda8dff6c170e
  branch: master
  specs:
    neo4j (3.0.0.alpha.6)
      active_attr (~> 0.8)
      activemodel (~> 4)
      neo4j-community (~> 2.0.0)
      neo4j-core (= 3.0.0.alpha.12)
      orm_adapter (~> 0.4.0)
      railties (~> 4)

GIT
  remote: git://github.com/krypt/krypt
  revision: c804f736d4dbaa4425014d036d2e68d8ee66d559
  specs:
    krypt (0.0.2.rc1)
      ffi
      krypt-core (= 0.0.2.rc1)

GEM
  remote: https://rubygems.org/
  specs:
    actionmailer (4.0.2)
      actionpack (= 4.0.2)
      mail (~> 2.5.4)
    actionpack (4.0.2)
      activesupport (= 4.0.2)
      builder (~> 3.1.0)
      erubis (~> 2.7.0)
      rack (~> 1.5.2)
      rack-test (~> 0.6.2)
    active_attr (0.8.3)
      activemodel (>= 3.0.2, < 4.2)
      activesupport (>= 3.0.2, < 4.2)
    activemodel (4.0.2)
      activesupport (= 4.0.2)
      builder (~> 3.1.0)
    activerecord (4.0.2)
      activemodel (= 4.0.2)
      activerecord-deprecated_finders (~> 1.0.2)
      activesupport (= 4.0.2)
      arel (~> 4.0.0)
    activerecord-deprecated_finders (1.0.3)
    activesupport (4.0.2)
      i18n (~> 0.6, >= 0.6.4)
      minitest (~> 4.2)
      multi_json (~> 1.3)
      thread_safe (~> 0.1)
      tzinfo (~> 0.3.37)
    arel (4.0.2)
    bcrypt (3.1.7-java)
    bcrypt-ruby (3.1.5)
      bcrypt (>= 3.1.3)
    bcrypt-ruby (3.1.5-java)
      bcrypt (>= 3.1.3)
    builder (3.1.4)
    capybara (2.1.0)
      mime-types (>= 1.16)
      nokogiri (>= 1.3.3)
      rack (>= 1.0.0)
      rack-test (>= 0.5.4)
      xpath (~> 2.0)
    cliver (0.2.2)
    devise (3.2.4)
      bcrypt (~> 3.0)
      orm_adapter (~> 0.1)
      railties (>= 3.2.6, < 5)
      thread_safe (~> 0.1)
      warden (~> 1.2.3)
    diff-lcs (1.2.4)
    erubis (2.7.0)
    ffi (1.9.3)
    ffi (1.9.3-java)
    hike (1.2.3)
    httparty (0.13.1)
      json (~> 1.8)
      multi_xml (>= 0.5.2)
    i18n (0.6.9)
    json (1.8.1)
    json (1.8.1-java)
    krypt-core (0.0.2.rc1-java)
      krypt-provider-jdk (= 0.0.2.rc1)
    krypt-provider-jdk (0.0.2.rc1)
    mail (2.5.4)
      mime-types (~> 1.16)
      treetop (~> 1.4.8)
    mime-types (1.25)
    mini_portile (0.5.2)
    minitest (4.7.5)
    multi_json (1.10.0)
    multi_xml (0.5.5)
    neo4j-community (2.0.1)
    neo4j-core (3.0.0.alpha.12)
      httparty
      json
      neo4j-cypher
      os
    neo4j-cypher (1.0.3)
    nokogiri (1.6.0)
      mini_portile (~> 0.5.0)
    nokogiri (1.6.0-java)
      mini_portile (~> 0.5.0)
    orm_adapter (0.4.1)
    os (0.9.6)
    poltergeist (1.4.1)
      capybara (~> 2.1.0)
      cliver (~> 0.2.1)
      multi_json (~> 1.0)
      websocket-driver (>= 0.2.0)
    polyglot (0.3.4)
    rack (1.5.2)
    rack-test (0.6.2)
      rack (>= 1.0)
    rails (4.0.2)
      actionmailer (= 4.0.2)
      actionpack (= 4.0.2)
      activerecord (= 4.0.2)
      activesupport (= 4.0.2)
      bundler (>= 1.3.0, < 2.0)
      railties (= 4.0.2)
      sprockets-rails (~> 2.0.0)
    railties (4.0.2)
      actionpack (= 4.0.2)
      activesupport (= 4.0.2)
      rake (>= 0.8.7)
      thor (>= 0.18.1, < 2.0)
    rake (10.3.1)
    rspec-core (2.14.6)
    rspec-expectations (2.14.3)
      diff-lcs (>= 1.1.3, < 2.0)
    rspec-mocks (2.14.4)
    rspec-rails (2.14.0)
      actionpack (>= 3.0)
      activesupport (>= 3.0)
      railties (>= 3.0)
      rspec-core (~> 2.14.0)
      rspec-expectations (~> 2.14.0)
      rspec-mocks (~> 2.14.0)
    sass (3.2.12)
    sass-rails (4.0.1)
      railties (>= 4.0.0, < 5.0)
      sass (>= 3.1.10)
      sprockets-rails (~> 2.0.0)
    sprockets (2.10.0)
      hike (~> 1.2)
      multi_json (~> 1.0)
      rack (~> 1.0)
      tilt (~> 1.1, != 1.3.0)
    sprockets-rails (2.0.1)
      actionpack (>= 3.0)
      activesupport (>= 3.0)
      sprockets (~> 2.8)
    thor (0.19.1)
    thread_safe (0.3.3-java)
    tilt (1.4.1)
    treetop (1.4.15)
      polyglot
      polyglot (>= 0.3.1)
    tzinfo (0.3.39)
    warden (1.2.3)
      rack (>= 1.0)
    websocket-driver (0.3.0)
    websocket-driver (0.3.0-java)
    xpath (2.0.0)
      nokogiri (~> 1.3)

PLATFORMS
  java

DEPENDENCIES
  devise
  devise-neo4j!
  krypt!
  neo4j!
  neo4j-community (~> 2.0.0)
  poltergeist
  rails (= 4.0.2)
  rake
  rspec-rails
  sass-rails (~> 4.0.0)
